PATH
  remote: vendor/ruby/1.9.1/gems/actionmailer-3.2.11
  specs:
    actionmailer (3.2.11)

PATH
  remote: vendor/ruby/1.9.1/gems/actionpack-3.2.11
  specs:
    actionpack (3.2.11)

PATH
  remote: vendor/ruby/1.9.1/gems/activemodel-3.2.11
  specs:
    activemodel (3.2.11)

PATH
  remote: vendor/ruby/1.9.1/gems/activerecord-3.2.11
  specs:
    activerecord (3.2.11)

PATH
  remote: vendor/ruby/1.9.1/gems/activeresource-3.2.11
  specs:
    activeresource (3.2.11)

PATH
  remote: vendor/ruby/1.9.1/gems/activesupport-3.2.11
  specs:
    activesupport (3.2.11)

PATH
  remote: vendor/ruby/1.9.1/gems/arel-3.0.2
  specs:
    arel (3.0.2)

PATH
  remote: vendor/ruby/1.9.1/gems/i18n-0.6.1
  specs:
    i18n (0.6.1)

PATH
  remote: vendor/ruby/1.9.1/gems/multi_json-1.7.2
  specs:
    multi_json (1.7.2)

PATH
  remote: vendor/ruby/1.9.1/gems/pg-0.13.2
  specs:
    pg (0.13.2)

PATH
  remote: vendor/ruby/1.9.1/gems/postgres-pr-0.6.3
  specs:
    postgres-pr (0.6.3)

PATH
  remote: vendor/ruby/1.9.1/gems/rack-1.4.5
  specs:
    rack (1.4.5)

PATH
  remote: vendor/ruby/1.9.1/gems/rack-cache-1.2
  specs:
    rack-cache (1.2)

PATH
  remote: vendor/ruby/1.9.1/gems/rake-10.0.3
  specs:
    rake (10.0.3)

PATH
  remote: vendor/ruby/1.9.1/gems/sinatra-1.4.6
  specs:
    sinatra (1.4.6)
      rack (~> 1.4)
      rack-protection (~> 1.4)
      tilt (>= 1.3, < 3)

PATH
  remote: vendor/ruby/1.9.1/gems/sinatra-activerecord-1.2.1
  specs:
    sinatra-activerecord (1.2.1)

GEM
  remote: https://rubygems.org/
  specs:
    rack-protection (1.5.3)
      rack
    tilt (2.0.2)

PLATFORMS
  x86-mswin32

DEPENDENCIES
  actionmailer (= 3.2.11)!
  actionpack (= 3.2.11)!
  activemodel (= 3.2.11)!
  activerecord (= 3.2.11)!
  activeresource (= 3.2.11)!
  activesupport (= 3.2.11)!
  arel (= 3.0.2)!
  i18n (= 0.6.1)!
  multi_json (= 1.7.2)!
  pg (= 0.13.2)!
  postgres-pr (= 0.6.3)!
  rack (= 1.4.5)!
  rack-cache (= 1.2)!
  rake (= 10.0.3)!
  sinatra (= 1.4.6)!
  sinatra-activerecord (= 1.2.1)!
